GEM
  remote: https://rubygems.org/
  specs:
    bootsnap (1.7.3)
      msgpack (~> 1.0)
    byebug (11.1.3)
    ffi (1.15.0)
    listen (3.5.1)
      rb-fsevent (~> 0.10, >= 0.10.3)
      rb-inotify (~> 0.9, >= 0.9.10)
    msgpack (1.4.2)
    nio4r (2.5.7)
    pq (0.0.2)
    puma (5.2.2)
      nio4r (~> 2.0)
    rack (2.2.3)
    rack-cors (1.1.1)
      rack (>= 2.0.0)
    rb-fsevent (0.10.4)
    rb-inotify (0.10.1)
      ffi (~> 1.0)
    spring (2.1.1)
    sqlite3 (1.4.2)

PLATFORMS
  ruby

DEPENDENCIES
  bootsnap (>= 1.4.4)
  byebug
  listen (~> 3.3)
  pq
  puma (~> 5.0)
  rack-cors
  spring
  sqlite3 (~> 1.4)
  tzinfo-data

RUBY VERSION
   ruby 2.6.3p62

BUNDLED WITH
   1.17.3
